GEM
  remote: https://rubygems.org/
  specs:
    mini_portile (0.5.3)
    mysql (2.9.1)
    nokogiri (1.6.1)
      mini_portile (~> 0.5.0)

PLATFORMS
  ruby

DEPENDENCIES
  mysql (~> 2.9.1)
  nokogiri (~> 1.6.1)
